GEM
  remote: http://rubygems.org/
  specs:
    actionmailer (2.3.5)
      actionpack (= 2.3.5)
    actionpack (2.3.5)
      activesupport (= 2.3.5)
      rack (~> 1.0.0)
    activerecord (2.3.5)
      activesupport (= 2.3.5)
    activeresource (2.3.5)
      activesupport (= 2.3.5)
    activesupport (2.3.5)
    fastercsv (1.5.3)
    fastthread (1.0.7)
    georuby (2.0.0)
    hpricot (0.8.6)
    i18n (0.4.2)
    libxml-ruby (2.6.0)
    nokogiri (1.5.5)
    oauth (0.4.7)
    pg (0.15.1)
    rack (1.0.1)
    rails (2.3.5)
      actionmailer (= 2.3.5)
      actionpack (= 2.3.5)
      activerecord (= 2.3.5)
      activeresource (= 2.3.5)
      activesupport (= 2.3.5)
      rake (>= 0.8.3)
    rake (0.9.2.2)
    simple-rss (1.2.3)
    yahoo-geoplanet (0.2.1)
      activesupport (> 2.1.0)
      hpricot (> 0.6)

PLATFORMS
  ruby

DEPENDENCIES
  fastercsv
  fastthread
  georuby
  i18n (= 0.4.2)
  libxml-ruby
  nokogiri (= 1.5.5)
  oauth
  pg
  rails (= 2.3.5)
  rake (= 0.9.2.2)
  simple-rss
  yahoo-geoplanet
